GEM
  remote: https://rubygems.org/
  specs:
    addressable (2.3.5)
    breakpoint (2.0.7)
      compass (>= 0.12.1)
      sass (>= 3.2.0)
    chunky_png (1.3.1)
    color-schemer (0.2.8)
      compass-blend-modes (~> 0.0.2)
    compass (0.12.6)
      chunky_png (~> 1.2)
      fssm (>= 0.2.7)
      sass (~> 3.2.19)
    compass-aurora (3.0.8)
      bundler (>= 1.3.5)
      compass (>= 0.12.2)
      compass-normalize (>= 1.4.3)
      css_parser (>= 1.3.4)
      sassy-buttons (>= 0.2.0)
      toolkit (>= 1.2.2)
    compass-blend-modes (0.0.2)
      compass
    compass-normalize (1.5)
      compass (>= 0.12.0)
    css_parser (1.3.5)
      addressable
    fssm (0.2.10)
    sass (3.2.19)
    sassy-buttons (0.2.6)
      compass (>= 0.12.2)
    sassy-strings (1.0.0)
      compass (>= 0.12.2)
    singularitygs (1.1.2)
      breakpoint (>= 2.0.1)
      compass (>= 0.12.2)
      sass (>= 3.2.1)
    toolkit (1.3.8)
      breakpoint (>= 2.0.6)
      color-schemer (>= 0.2.7)
      compass (>= 0.12.2)
      sassy-strings (>= 1.0.0)
      singularitygs (>= 1.1.2)

PLATFORMS
  x64-mingw32

DEPENDENCIES
  breakpoint (< 3.0.0)
  compass-aurora (< 4.0.0)
  compass-normalize (< 2.0.0)
  css_parser (~> 1.3.4)
  sassy-buttons (< 1.0.0)
  singularitygs (< 2.0.0)
  toolkit (< 2.0.0)
